GEM
  remote: https://rubygems.org/
  specs:
    diff-lcs (1.2.5)
    logger (1.2.8)
    mini_portile (0.5.2)
    nokogiri (1.6.1)
      mini_portile (~> 0.5.0)
    open_uri_redirections (0.1.4)
    pg (0.17.1)
    rake (10.1.1)
    robots (0.10.1)
    rspec (2.14.1)
      rspec-core (~> 2.14.0)
      rspec-expectations (~> 2.14.0)
      rspec-mocks (~> 2.14.0)
    rspec-core (2.14.7)
    rspec-expectations (2.14.4)
      diff-lcs (>= 1.1.3, < 2.0)
    rspec-mocks (2.14.4)
    stemmer (1.0.1)
    stopwords (0.2)
    unicode (0.4.4.1)

PLATFORMS
  ruby

DEPENDENCIES
  logger
  nokogiri
  open_uri_redirections
  pg
  rake
  robots
  rspec
  stemmer
  stopwords
  unicode
